GEM
  remote: https://rubygems.org/
  specs:
    ast (2.0.0)
    astrolabe (1.3.0)
      parser (>= 2.2.0.pre.3, < 3.0)
    erubis (2.7.0)
    foodcritic (4.0.0)
      erubis
      gherkin (~> 2.11)
      nokogiri (~> 1.5)
      rake
      rufus-lru (~> 1.0)
      treetop (~> 1.4)
      yajl-ruby (~> 1.1)
    gherkin (2.12.2)
      multi_json (~> 1.3)
    kitchen-vagrant (0.15.0)
      test-kitchen (~> 1.0)
    mini_portile (0.6.0)
    mixlib-shellout (1.6.0)
    multi_json (1.10.1)
    net-scp (1.2.1)
      net-ssh (>= 2.6.5)
    net-ssh (2.9.1)
    nokogiri (1.6.3.1)
      mini_portile (= 0.6.0)
    parser (2.2.0.pre.6)
      ast (>= 1.1, < 3.0)
      slop (~> 3.4, >= 3.4.5)
    polyglot (0.3.5)
    powerpack (0.0.9)
    rainbow (2.0.0)
    rake (10.3.2)
    rubocop (0.27.0)
      astrolabe (~> 1.3)
      parser (>= 2.2.0.pre.6, < 3.0)
      powerpack (~> 0.0.6)
      rainbow (>= 1.99.1, < 3.0)
      ruby-progressbar (~> 1.4)
    ruby-progressbar (1.6.1)
    rufus-lru (1.0.5)
    safe_yaml (1.0.4)
    slop (3.6.0)
    test-kitchen (1.2.1)
      mixlib-shellout (~> 1.2)
      net-scp (~> 1.1)
      net-ssh (~> 2.7)
      safe_yaml (~> 1.0)
      thor (~> 0.18)
    thor (0.19.1)
    treetop (1.5.3)
      polyglot (~> 0.3)
    yajl-ruby (1.2.1)

PLATFORMS
  ruby

DEPENDENCIES
  foodcritic
  kitchen-vagrant
  rubocop
  test-kitchen
